GEM
  remote: https://rubygems.org/
  specs:
    nio4r (2.5.8)
    puma (5.6.5)
      nio4r (~> 2.0)
    rack (3.0.0)
    rackup (0.2.2)
      rack (>= 3.0.0.beta1)
      webrick
    webrick (1.7.0)

PLATFORMS
  arm64-darwin-21

DEPENDENCIES
  puma (~> 5.6)
  rack (~> 3.0)
  rackup (~> 0.2.2)

BUNDLED WITH
   2.3.13
