GEM
  remote: https://rubygems.org/
  specs:
    diff-lcs (1.5.0)
    nio4r (2.5.8)
    puma (5.6.5)
      nio4r (~> 2.0)
    rack (3.0.0)
    rack-test (2.0.2)
      rack (>= 1.3)
    rackup (0.2.2)
      rack (>= 3.0.0.beta1)
      webrick
    rspec (3.11.0)
      rspec-core (~> 3.11.0)
      rspec-expectations (~> 3.11.0)
      rspec-mocks (~> 3.11.0)
    rspec-core (3.11.0)
      rspec-support (~> 3.11.0)
    rspec-expectations (3.11.1)
      diff-lcs (>= 1.2.0, < 2.0)
      rspec-support (~> 3.11.0)
    rspec-mocks (3.11.1)
      diff-lcs (>= 1.2.0, < 2.0)
      rspec-support (~> 3.11.0)
    rspec-support (3.11.1)
    webrick (1.7.0)

PLATFORMS
  arm64-darwin-21

DEPENDENCIES
  puma (~> 5.6)
  rack (~> 3.0)
  rack-test (~> 2.0)
  rackup (~> 0.2.2)
  rspec (~> 3.11)

BUNDLED WITH
   2.3.13
